GEM
  remote: http://rubygems.org/
  specs:
    em-synchrony (1.0.3)
      eventmachine (>= 1.0.0.beta.1)
    eventmachine (1.0.0)
    hiredis (0.4.5)
    multi_json (1.5.1)
    redis (3.0.2)
    rmmseg-cpp (0.2.9)
    yajl-ruby (1.1.0)

PLATFORMS
  ruby

DEPENDENCIES
  em-synchrony
  hiredis
  multi_json
  redis
  rmmseg-cpp
  yajl-ruby
