GIT
  remote: git@github.com:transist/echidna-ruby.git
  revision: 10638c0c72402934e785df387baa62ee5312d2bc
  specs:
    echidna-ruby (0.0.1)
      hiredis
      redis
      redis-namespace

GEM
  remote: https://rubygems.org/
  specs:
    activesupport (3.2.12)
      i18n (~> 0.6)
      multi_json (~> 1.0)
    async-rack (0.5.1)
      rack (~> 1.1)
    diff-lcs (1.1.3)
    em-synchrony (1.0.3)
      eventmachine (>= 1.0.0.beta.1)
    em-websocket (0.4.0)
      eventmachine (>= 0.12.9)
      http_parser.rb (~> 0.5.3)
    eventmachine (1.0.0)
    goliath (1.0.1)
      async-rack
      em-synchrony (>= 1.0.0)
      em-websocket
      eventmachine (>= 1.0.0.beta.4)
      http_parser.rb (= 0.5.3)
      log4r
      multi_json
      rack (>= 1.2.2)
      rack-contrib
      rack-respond_to
    hiredis (0.4.5)
    http_parser.rb (0.5.3)
    i18n (0.6.1)
    log4r (1.1.10)
    multi_json (1.5.1)
    rack (1.5.2)
    rack-accept-media-types (0.9)
    rack-contrib (1.1.0)
      rack (>= 0.9.1)
    rack-respond_to (0.9.8)
      rack-accept-media-types (>= 0.6)
    redis (3.0.3)
    redis-namespace (1.2.1)
      redis (~> 3.0.0)
    rmmseg-cpp (0.2.9)
    rspec (2.12.0)
      rspec-core (~> 2.12.0)
      rspec-expectations (~> 2.12.0)
      rspec-mocks (~> 2.12.0)
    rspec-core (2.12.2)
    rspec-expectations (2.12.1)
      diff-lcs (~> 1.1.3)
    rspec-mocks (2.12.2)
    yajl-ruby (1.1.0)

PLATFORMS
  ruby

DEPENDENCIES
  activesupport
  echidna-ruby!
  em-synchrony
  goliath
  multi_json
  rmmseg-cpp
  rspec
  yajl-ruby
