GEM
  remote: http://rubygems.org/
  specs:
    diff-lcs (1.1.3)
    em-synchrony (1.0.3)
      eventmachine (>= 1.0.0.beta.1)
    eventmachine (1.0.0)
    hiredis (0.4.5)
    multi_json (1.5.1)
    redis (3.0.2)
    rmmseg-cpp (0.2.9)
    rspec (2.12.0)
      rspec-core (~> 2.12.0)
      rspec-expectations (~> 2.12.0)
      rspec-mocks (~> 2.12.0)
    rspec-core (2.12.2)
    rspec-expectations (2.12.1)
      diff-lcs (~> 1.1.3)
    rspec-mocks (2.12.2)
    yajl-ruby (1.1.0)

PLATFORMS
  ruby

DEPENDENCIES
  em-synchrony
  hiredis
  multi_json
  redis
  rmmseg-cpp
  rspec
  yajl-ruby
